GEM
  remote: https://rubygems.org/
  specs:
    google-protobuf (3.6.0)
    googleapis-common-protos-types (1.0.1)
      google-protobuf (~> 3.0)
    grpc (1.13.0)
      google-protobuf (~> 3.1)
      googleapis-common-protos-types (~> 1.0.0)

PLATFORMS
  ruby

DEPENDENCIES
  grpc (~> 1.13, >= 1.13.0)

RUBY VERSION
   ruby 2.4.3p205

BUNDLED WITH
   1.16.1
